GEM
  remote: https://rubygems.org/
  specs:
    celluloid (0.16.0)
      timers (~> 4.0.0)
    concurrent-ruby (1.1.5)
    crass (1.0.4)
    daemons (1.3.1)
    erubis (2.7.0)
    eventmachine (1.2.7)
    execjs (2.7.0)
    faraday (0.9.2)
      multipart-post (>= 1.2, < 3)
    faye-websocket (0.10.9)
      eventmachine (>= 0.12.0)
      websocket-driver (>= 0.5.1)
    ffi (1.9.25)
    hitimes (2.0.0)
    i18n (1.7.0)
      concurrent-ruby (~> 1.0)
    image_size (2.0.2)
    ipaddress_2 (0.13.0)
    json (2.2.0)
    listen (2.10.1)
      celluloid (~> 0.16.0)
      rb-fsevent (>= 0.9.3)
      rb-inotify (>= 0.9)
    loofah (2.2.3)
      crass (~> 1.0.2)
      nokogiri (>= 1.5.9)
    mimemagic (0.3.3)
    mini_portile2 (2.3.0)
    multipart-post (2.1.1)
    nokogiri (1.8.5)
      mini_portile2 (~> 2.3.0)
    rack (1.6.12)
    rack-livereload (0.3.17)
      rack
    rack-protection (1.5.5)
      rack
    rake (13.0.0)
    rb-fsevent (0.10.3)
    rb-inotify (0.9.10)
      ffi (>= 0.5.0, < 2)
    rubyzip (1.2.4)
    sass (3.7.4)
      sass-listen (~> 4.0.0)
    sass-listen (4.0.0)
      rb-fsevent (~> 0.9, >= 0.9.4)
      rb-inotify (~> 0.9, >= 0.9.7)
    sassc (1.11.4)
      bundler
      ffi (~> 1.9.6)
      sass (>= 3.3.0)
    sinatra (1.4.8)
      rack (~> 1.5)
      rack-protection (~> 1.4)
      tilt (>= 1.3, < 3)
    sinatra-cross_origin (0.3.2)
    thin (1.7.2)
      daemons (~> 1.0, >= 1.0.9)
      eventmachine (~> 1.0, >= 1.0.4)
      rack (>= 1, < 3)
    thor (0.19.4)
    tilt (2.0.10)
    timers (4.0.4)
      hitimes
    websocket-driver (0.7.1)
      websocket-extensions (>= 0.1.0)
    websocket-extensions (0.1.4)
    zendesk_apps_support (4.21.4)
      erubis
      i18n
      image_size
      ipaddress_2 (~> 0.13.0)
      json
      loofah (~> 2.2.3)
      mimemagic (~> 0.3.3)
      nokogiri (~> 1.8.5)
      rb-inotify (= 0.9.10)
      sass
      sassc (~> 1.11.2)
    zendesk_apps_tools (3.2.4)
      execjs (~> 2.7.0)
      faraday (~> 0.9.2)
      faye-websocket (~> 0.10.7)
      listen (~> 2.10)
      rack-livereload
      rubyzip (~> 1.2.1)
      sinatra (~> 1.4.6)
      sinatra-cross_origin (~> 0.3.1)
      thin (~> 1.7.2)
      thor (~> 0.19.4)
      zendesk_apps_support (~> 4.21.4)

PLATFORMS
  ruby

DEPENDENCIES
  rake
  zendesk_apps_tools

BUNDLED WITH
   1.17.2
